GEM
  remote: http://rubygems.org/
  specs:
    rack (1.2.1)
    sinatra (1.1.2)
      rack (~> 1.1)
      tilt (~> 1.2)
    swish (0.6.0)
    tilt (1.2.1)

PLATFORMS
  ruby

DEPENDENCIES
  sinatra
  swish
